PATH
  remote: gem
  specs:
    khulnasoft-development-kit (0.2.18)
      khulnasoft-sdk (~> 0.3.1)
      rake (~> 13.1)
      sentry-ruby (~> 5.17)
      tty-markdown (~> 0.7.2)
      tty-spinner (~> 0.9.3)
      zeitwerk (~> 2.6.15)

PATH
  remote: khulnasoft-sdk
  specs:
    khulnasoft-sdk (0.3.1)
      activesupport (>= 5.2.0)
      rake (~> 13.0)
      snowplow-tracker (~> 0.8.0)

PATH
  remote: khulnasoft-styles
  specs:
    khulnasoft-styles (13.0.2)
      rubocop (~> 1.68.0)
      rubocop-capybara (~> 2.21.0)
      rubocop-factory_bot (~> 2.26.1)
      rubocop-graphql (~> 1.5.4)
      rubocop-performance (~> 1.21.1)
      rubocop-rails (~> 2.26.0)
      rubocop-rspec (~> 3.0.4)
      rubocop-rspec_rails (~> 2.30.0)

GEM
  remote: https://rubygems.org/
  specs:
    activesupport (8.0.1)
      base64
      benchmark (>= 0.3)
      bigdecimal
      concurrent-ruby (~> 1.0, >= 1.3.1)
      connection_pool (>= 2.2.5)
      drb
      i18n (>= 1.6, < 2)
      logger (>= 1.4.2)
      minitest (>= 5.1)
      securerandom (>= 0.3)
      tzinfo (~> 2.0, >= 2.0.5)
      uri (>= 0.13.1)
    addressable (2.8.7)
      public_suffix (>= 2.0.2, < 7.0)
    ast (2.4.2)
    base64 (0.2.0)
    benchmark (0.4.0)
    bigdecimal (3.1.9)
    byebug (11.1.3)
    claide (1.1.0)
    claide-plugins (0.9.2)
      cork
      nap
      open4 (~> 1.3)
    coderay (1.1.3)
    colored2 (3.1.2)
    concurrent-ruby (1.3.5)
    connection_pool (2.5.0)
    cork (0.3.0)
      colored2 (~> 3.1)
    crack (1.0.0)
      bigdecimal
      rexml
    csv (3.3.2)
    danger (9.5.1)
      base64 (~> 0.2)
      claide (~> 1.0)
      claide-plugins (>= 0.9.2)
      colored2 (~> 3.1)
      cork (~> 0.1)
      faraday (>= 0.9.0, < 3.0)
      faraday-http-cache (~> 2.0)
      git (~> 1.13)
      kramdown (~> 2.3)
      kramdown-parser-gfm (~> 1.0)
      octokit (>= 4.0)
      pstore (~> 0.1)
      terminal-table (>= 1, < 4)
    danger-gitlab (9.0.0)
      danger
      gitlab (~> 5.0)
    date (3.4.1)
    diff-lcs (1.5.1)
    docile (1.4.1)
    drb (2.2.1)
    faraday (2.12.2)
      faraday-net_http (>= 2.0, < 3.5)
      json
      logger
    faraday-http-cache (2.5.1)
      faraday (>= 0.8)
    faraday-net_http (3.4.0)
      net-http (>= 0.5.0)
    git (1.19.1)
      addressable (~> 2.8)
      rchardet (~> 1.8)
    gitlab (5.1.0)
      base64 (~> 0.2.0)
      httparty (~> 0.20)
      terminal-table (>= 1.5.1)
    gitlab-dangerfiles (4.8.1)
      danger (>= 9.3.0)
      danger-gitlab (>= 8.0.0)
      rake (~> 13.0)
    hashdiff (1.1.2)
    httparty (0.22.0)
      csv
      mini_mime (>= 1.0.0)
      multi_xml (>= 0.5.2)
    i18n (1.14.7)
      concurrent-ruby (~> 1.0)
    io-console (0.8.0)
    irb (1.14.3)
      rdoc (>= 4.0.0)
      reline (>= 0.4.2)
    json (2.9.1)
    kramdown (2.5.1)
      rexml (>= 3.3.9)
    kramdown-parser-gfm (1.1.0)
      kramdown (~> 2.0)
    language_server-protocol (3.17.0.3)
    lefthook (1.10.10)
    logger (1.6.5)
    method_source (1.1.0)
    mini_mime (1.1.5)
    minitest (5.25.4)
    multi_xml (0.7.1)
      bigdecimal (~> 3.1)
    nap (1.1.0)
    net-http (0.6.0)
      uri
    octokit (9.2.0)
      faraday (>= 1, < 3)
      sawyer (~> 0.9)
    open4 (1.3.4)
    parallel (1.26.3)
    parser (3.3.7.0)
      ast (~> 2.4.1)
      racc
    pastel (0.8.0)
      tty-color (~> 0.5)
    pry (0.14.2)
      coderay (~> 1.1)
      method_source (~> 1.0)
    pry-byebug (3.10.1)
      byebug (~> 11.0)
      pry (>= 0.13, < 0.15)
    pstore (0.1.4)
    psych (5.2.3)
      date
      stringio
    public_suffix (6.0.1)
    racc (1.8.1)
    rack (3.1.8)
    rainbow (3.1.1)
    rake (13.2.1)
    rchardet (1.9.0)
    rdoc (6.11.0)
      psych (>= 4.0.0)
    regexp_parser (2.10.0)
    reline (0.6.0)
      io-console (~> 0.5)
    resolv (0.6.0)
    rexml (3.4.0)
    rouge (4.5.1)
    rspec (3.13.0)
      rspec-core (~> 3.13.0)
      rspec-expectations (~> 3.13.0)
      rspec-mocks (~> 3.13.0)
    rspec-core (3.13.2)
      rspec-support (~> 3.13.0)
    rspec-expectations (3.13.3)
      diff-lcs (>= 1.2.0, < 2.0)
      rspec-support (~> 3.13.0)
    rspec-mocks (3.13.2)
      diff-lcs (>= 1.2.0, < 2.0)
      rspec-support (~> 3.13.0)
    rspec-support (3.13.2)
    rspec_junit_formatter (0.6.0)
      rspec-core (>= 2, < 4, != 2.12.0)
    rubocop (1.68.0)
      json (~> 2.3)
      language_server-protocol (>= 3.17.0)
      parallel (~> 1.10)
      parser (>= 3.3.0.2)
      rainbow (>= 2.2.2, < 4.0)
      regexp_parser (>= 2.4, < 3.0)
      rubocop-ast (>= 1.32.2, < 2.0)
      ruby-progressbar (~> 1.7)
      unicode-display_width (>= 2.4.0, < 3.0)
    rubocop-ast (1.37.0)
      parser (>= 3.3.1.0)
    rubocop-capybara (2.21.0)
      rubocop (~> 1.41)
    rubocop-factory_bot (2.26.1)
      rubocop (~> 1.61)
    rubocop-graphql (1.5.4)
      rubocop (>= 1.50, < 2)
    rubocop-performance (1.21.1)
      rubocop (>= 1.48.1, < 2.0)
      rubocop-ast (>= 1.31.1, < 2.0)
    rubocop-rails (2.26.2)
      activesupport (>= 4.2.0)
      rack (>= 1.1)
      rubocop (>= 1.52.0, < 2.0)
      rubocop-ast (>= 1.31.1, < 2.0)
    rubocop-rake (0.6.0)
      rubocop (~> 1.0)
    rubocop-rspec (3.0.5)
      rubocop (~> 1.61)
    rubocop-rspec_rails (2.30.0)
      rubocop (~> 1.61)
      rubocop-rspec (~> 3, >= 3.0.1)
    ruby-progressbar (1.13.0)
    sawyer (0.9.2)
      addressable (>= 2.3.5)
      faraday (>= 0.17.3, < 3)
    securerandom (0.4.1)
    sentry-ruby (5.22.2)
      bigdecimal
      concurrent-ruby (~> 1.0, >= 1.0.2)
    simplecov (0.22.0)
      docile (~> 1.1)
      simplecov-html (~> 0.11)
      simplecov_json_formatter (~> 0.1)
    simplecov-cobertura (2.1.0)
      rexml
      simplecov (~> 0.19)
    simplecov-html (0.13.1)
    simplecov_json_formatter (0.1.4)
    snowplow-tracker (0.8.0)
    stringio (3.1.2)
    strings (0.2.1)
      strings-ansi (~> 0.2)
      unicode-display_width (>= 1.5, < 3.0)
      unicode_utils (~> 1.4)
    strings-ansi (0.2.0)
    terminal-table (3.0.2)
      unicode-display_width (>= 1.1.1, < 3)
    tty-color (0.6.0)
    tty-cursor (0.7.1)
    tty-markdown (0.7.2)
      kramdown (>= 1.16.2, < 3.0)
      pastel (~> 0.8)
      rouge (>= 3.14, < 5.0)
      strings (~> 0.2.0)
      tty-color (~> 0.5)
      tty-screen (~> 0.8)
    tty-screen (0.8.2)
    tty-spinner (0.9.3)
      tty-cursor (~> 0.7)
    tzinfo (2.0.6)
      concurrent-ruby (~> 1.0)
    unicode-display_width (2.6.0)
    unicode_utils (1.4.0)
    uri (1.0.2)
    webmock (3.24.0)
      addressable (>= 2.8.0)
      crack (>= 0.3.2)
      hashdiff (>= 0.4.0, < 2.0.0)
    yard (0.9.37)
    zeitwerk (2.6.18)

PLATFORMS
  x86_64-linux

DEPENDENCIES
  gitlab-dangerfiles (~> 4.8.1)
  irb (~> 1.14.3)
  khulnasoft-development-kit!
  khulnasoft-sdk!
  khulnasoft-styles!
  lefthook (~> 1.10.3)
  pry-byebug
  resolv (~> 0.6.0)
  rspec (~> 3.13.0)
  rspec_junit_formatter (~> 0.6.0)
  rubocop
  rubocop-rake (~> 0.6.0)
  simplecov-cobertura (~> 2.1.0)
  webmock (~> 3.24)
  yard (~> 0.9.37)

BUNDLED WITH
   2.4.19
